GIT
  remote: https://github.com/ManifoldScholar/capistrano-yarn.git
  revision: f828e5a63219b9898e2fa43bbf8d41e8be593efa
  specs:
    capistrano-yarn (1.0.0)
      capistrano (>= 3.0.0)

GEM
  remote: https://rubygems.org/
  specs:
    airbrussh (1.3.0)
      sshkit (>= 1.6.1, != 1.7.0)
    capistrano (3.10.1)
      airbrussh (>= 1.0.0)
      i18n
      rake (>= 10.0.0)
      sshkit (>= 1.9.0)
    capistrano-bundler (1.3.0)
      capistrano (~> 3.1)
      sshkit (~> 1.2)
    capistrano-rbenv (2.1.3)
      capistrano (~> 3.1)
      sshkit (~> 1.3)
    capistrano-touch-linked-files (0.3.0)
      capistrano (>= 3.0)
    concurrent-ruby (1.0.5)
    i18n (1.0.0)
      concurrent-ruby (~> 1.0)
    net-scp (1.2.1)
      net-ssh (>= 2.6.5)
    net-ssh (4.2.0)
    rake (13.0.1)
    sshkit (1.16.0)
      net-scp (>= 1.1.2)
      net-ssh (>= 2.8.0)

PLATFORMS
  ruby

DEPENDENCIES
  capistrano (~> 3.10.1)
  capistrano-bundler
  capistrano-rbenv
  capistrano-touch-linked-files
  capistrano-yarn!

BUNDLED WITH
   1.16.0
